GEM
  specs:
    coffee-script (2.2.0)
      coffee-script-source
      execjs
    coffee-script-source (1.1.2)
    execjs (1.2.9)
      multi_json (~> 1.0)
    multi_json (1.0.3)

PLATFORMS
  ruby

DEPENDENCIES
  coffee-script
